GEM
  remote: http://rubygems.org/
  specs:
    minitest (5.14.4)

PLATFORMS
  x86_64-linux

DEPENDENCIES
  minitest

BUNDLED WITH
   2.2.8
